PATH
  remote: .
  specs:
    hiera-postgres-backend (0.0.2)
      pg

GEM
  remote: https://rubygems.org/
  specs:
    pg (0.17.1)
    rake (10.1.1)

PLATFORMS
  ruby

DEPENDENCIES
  hiera-postgres-backend!
  rake
